GEM
  remote: https://rubygems.org/
  specs:
    mini_portile2 (2.3.0)
    nokogiri (1.8.5)
      mini_portile2 (~> 2.3.0)
    pg (1.1.3)

PLATFORMS
  ruby

DEPENDENCIES
  nokogiri
  pg

BUNDLED WITH
   1.16.3
